GEM
  remote: http://rubygems.org/
  specs:
    activesupport (3.2.3)
      i18n (~> 0.6)
      multi_json (~> 1.0)
    grasshopper (0.1.0)
    highline (1.6.11)
    i18n (0.6.0)
    minitest (2.12.1)
    multi_json (1.3.4)
    rake (0.9.2.2)

PLATFORMS
  ruby

DEPENDENCIES
  activesupport
  bundler
  grasshopper
  highline
  minitest
  rake
