GEM
  remote: http://rubygems.org/
  specs:
    activesupport (3.2.8)
      i18n (~> 0.6)
      multi_json (~> 1.0)
    ansi (1.4.3)
    builder (3.0.0)
    grasshopper (0.2.0)
      minitest
    hashie (1.2.0)
    highline (1.6.14)
    i18n (0.6.1)
    minitest (3.3.0)
    minitest-reporters (0.10.2)
      ansi
      builder
      minitest (>= 2.12, < 4.0)
      powerbar
    multi_json (1.3.6)
    powerbar (1.0.8)
      ansi (~> 1.4.0)
      hashie (>= 1.1.0)
    rake (0.9.2.2)

PLATFORMS
  ruby

DEPENDENCIES
  activesupport
  bundler
  grasshopper
  highline
  minitest
  minitest-reporters (>= 0.5.0)
  rake
